GEM
  remote: https://rubygems.org/
  specs:
    ast (2.4.0)
    flog (4.6.2)
      path_expander (~> 1.0)
      ruby_parser (~> 3.1, > 3.1.0)
      sexp_processor (~> 4.8)
    parallel (1.12.1)
    parser (2.5.0.4)
      ast (~> 2.4.0)
    path_expander (1.0.3)
    powerpack (0.1.1)
    rainbow (3.0.0)
    roodi (5.0.0)
      ruby_parser (~> 3.2, >= 3.2.2)
    rubocop (0.54.0)
      parallel (~> 1.10)
      parser (>= 2.5)
      powerpack (~> 0.1)
      rainbow (>= 2.2.2, < 4.0)
      ruby-progressbar (~> 1.7)
      unicode-display_width (~> 1.0, >= 1.0.1)
    ruby-progressbar (1.9.0)
    ruby_parser (3.11.0)
      sexp_processor (~> 4.9)
    sexp_processor (4.10.1)
    unicode-display_width (1.3.0)

PLATFORMS
  ruby
  x64-mingw32

DEPENDENCIES
  flog
  roodi
  rubocop

BUNDLED WITH
   1.16.1
